GEM
  remote: http://rubygems.org/
  specs:
    activesupport (3.0.8)
    chunky_png (1.2.0)
    compass (0.11.1)
      chunky_png (~> 1.1)
      fssm (>= 0.2.7)
      sass (~> 3.1)
    css_parser (1.1.9)
    fssm (0.2.7)
    grid-coordinates (1.1.4)
      compass (>= 0.10.5)
    haml (3.1.2)
    i18n (0.6.0)
    maruku (0.6.0)
      syntax (>= 1.0.0)
    rack (1.3.0)
    sass (3.1.2)
    serve (1.1.1)
      activesupport (~> 3.0.7)
      i18n (~> 0.6.0)
      rack (~> 1.3.0)
      tilt (~> 1.3.1)
      tzinfo (~> 0.3.27)
    syntax (1.0.0)
    tilt (1.3.2)
    tzinfo (0.3.27)

PLATFORMS
  ruby

DEPENDENCIES
  compass (~> 0.11.1)
  css_parser (~> 1.1.9)
  grid-coordinates (~> 1.1.4)
  haml (~> 3.1.2)
  maruku (~> 0.6.0)
  sass (~> 3.1.2)
  serve (~> 1.1.1)
